GEM
  remote: https://rubygems.org/
  specs:
    ast (2.4.2)
    json (2.7.1)
    language_server-protocol (3.17.0.3)
    nio4r (2.7.0)
    parallel (1.24.0)
    parser (3.3.0.5)
      ast (~> 2.4.1)
      racc
    prism (0.24.0)
    puma (6.4.2)
      nio4r (~> 2.0)
    racc (1.7.3)
    rack (2.2.6.4)
    rainbow (3.1.1)
    regexp_parser (2.9.0)
    rexml (3.2.6)
    rubocop (1.62.1)
      json (~> 2.3)
      language_server-protocol (>= 3.17.0)
      parallel (~> 1.10)
      parser (>= 3.3.0.2)
      rainbow (>= 2.2.2, < 4.0)
      regexp_parser (>= 1.8, < 3.0)
      rexml (>= 3.2.5, < 4.0)
      rubocop-ast (>= 1.31.1, < 2.0)
      ruby-progressbar (~> 1.7)
      unicode-display_width (>= 2.4.0, < 3.0)
    rubocop-ast (1.31.2)
      parser (>= 3.3.0.4)
    rubocop-capybara (2.20.0)
      rubocop (~> 1.41)
    rubocop-factory_bot (2.25.1)
      rubocop (~> 1.41)
    rubocop-packaging (0.5.2)
      rubocop (>= 1.33, < 2.0)
    rubocop-performance (1.20.2)
      rubocop (>= 1.48.1, < 2.0)
      rubocop-ast (>= 1.30.0, < 2.0)
    rubocop-rspec (2.27.1)
      rubocop (~> 1.40)
      rubocop-capybara (~> 2.17)
      rubocop-factory_bot (~> 2.22)
    rubocop-shopify (2.15.1)
      rubocop (~> 1.51)
    rubocop-thread_safety (0.5.1)
      rubocop (>= 0.90.0)
    ruby-lsp (0.14.5)
      language_server-protocol (~> 3.17.0)
      prism (>= 0.22.0, < 0.25)
      sorbet-runtime (>= 0.5.10782)
    ruby-progressbar (1.13.0)
    sorbet-runtime (0.5.11288)
    unicode-display_width (2.5.0)

PLATFORMS
  arm64-darwin-22
  ruby

DEPENDENCIES
  puma (~> 6.4)
  rack (~> 2.2)
  rubocop
  rubocop-packaging
  rubocop-performance
  rubocop-rspec
  rubocop-shopify
  rubocop-thread_safety
  ruby-lsp

BUNDLED WITH
   2.5.6
